GEM
  remote: https://rubygems.org/
  specs:
    ast (2.4.0)
    async (1.24.2)
      console (~> 1.0)
      nio4r (~> 2.3)
      timers (~> 4.1)
    async-container (0.16.3)
      async (~> 1.0)
      async-io (~> 1.26)
      process-group
    async-http (0.50.7)
      async (~> 1.23)
      async-io (~> 1.27.0)
      async-pool (~> 0.2)
      protocol-http (~> 0.15.1)
      protocol-http1 (~> 0.10.0)
      protocol-http2 (~> 0.11.0)
    async-http-cache (0.1.5)
      async-http
      protocol-http (~> 0.14)
    async-io (1.27.5)
      async (~> 1.14)
    async-pool (0.2.0)
      async (~> 1.8)
    async-rest (0.12.2)
      async-http (~> 0.42)
      protocol-http (~> 0.7)
    awesome_print (1.8.0)
    build-environment (1.13.0)
    coderay (1.1.2)
    concurrent-ruby (1.1.6)
    console (1.8.2)
    diff-lcs (1.3)
    docile (1.3.2)
    dry-configurable (0.11.5)
      concurrent-ruby (~> 1.0)
      dry-core (~> 0.4, >= 0.4.7)
      dry-equalizer (~> 0.2)
    dry-container (0.7.2)
      concurrent-ruby (~> 1.0)
      dry-configurable (~> 0.1, >= 0.1.3)
    dry-core (0.4.9)
      concurrent-ruby (~> 1.0)
    dry-equalizer (0.3.0)
    dry-inflector (0.2.0)
    dry-logic (1.0.6)
      concurrent-ruby (~> 1.0)
      dry-core (~> 0.2)
      dry-equalizer (~> 0.2)
    dry-struct (1.3.0)
      dry-core (~> 0.4, >= 0.4.4)
      dry-equalizer (~> 0.3)
      dry-types (~> 1.3)
      ice_nine (~> 0.11)
    dry-types (1.4.0)
      concurrent-ruby (~> 1.0)
      dry-container (~> 0.3)
      dry-core (~> 0.4, >= 0.4.4)
      dry-equalizer (~> 0.3)
      dry-inflector (~> 0.1, >= 0.1.2)
      dry-logic (~> 1.0, >= 1.0.2)
    faker (2.10.2)
      i18n (>= 1.6, < 2)
    falcon (0.35.6)
      async (~> 1.13)
      async-container (~> 0.16.0)
      async-http (~> 0.50.4)
      async-http-cache (~> 0.1.0)
      async-io (~> 1.22)
      build-environment (~> 1.13)
      localhost (~> 1.1)
      process-metrics (~> 0.1.0)
      rack (>= 1.0)
      samovar (~> 2.1)
    ffi (1.12.2)
    formatador (0.2.5)
    guard (2.16.1)
      formatador (>= 0.2.4)
      listen (>= 2.7, < 4.0)
      lumberjack (>= 1.0.12, < 2.0)
      nenv (~> 0.1)
      notiffany (~> 0.0)
      pry (>= 0.9.12)
      shellany (~> 0.0)
      thor (>= 0.18.1)
    guard-bundler (3.0.0)
      bundler (>= 2.1, < 3)
      guard (~> 2.2)
      guard-compat (~> 1.1)
    guard-compat (1.2.1)
    guard-rspec (4.7.3)
      guard (~> 2.1)
      guard-compat (~> 1.1)
      rspec (>= 2.99.0, < 4.0)
    guard-rubocop (1.3.0)
      guard (~> 2.0)
      rubocop (~> 0.20)
    i18n (1.8.2)
      concurrent-ruby (~> 1.0)
    ice_nine (0.11.2)
    jaro_winkler (1.5.4)
    json (2.3.0)
    listen (3.2.1)
      rb-fsevent (~> 0.10, >= 0.10.3)
      rb-inotify (~> 0.9, >= 0.9.10)
    localhost (1.1.6)
    lumberjack (1.2.4)
    mapping (1.1.1)
    method_source (1.0.0)
    nenv (0.3.0)
    nio4r (2.5.2)
    notiffany (0.1.3)
      nenv (~> 0.1)
      shellany (~> 0.0)
    parallel (1.19.1)
    parser (2.7.0.5)
      ast (~> 2.4.0)
    process-group (1.2.1)
      process-terminal (~> 0.2.0)
    process-metrics (0.1.1)
    process-terminal (0.2.0)
      ffi
    protocol-hpack (1.4.2)
    protocol-http (0.15.1)
    protocol-http1 (0.10.3)
      protocol-http (~> 0.15)
    protocol-http2 (0.11.6)
      protocol-hpack (~> 1.4)
      protocol-http (~> 0.15)
    pry (0.13.0)
      coderay (~> 1.1)
      method_source (~> 1.0)
    rack (2.2.2)
    rack-test (1.1.0)
      rack (>= 1.0, < 3)
    rainbow (3.0.0)
    rake (12.3.3)
    rb-fsevent (0.10.3)
    rb-inotify (0.10.1)
      ffi (~> 1.0)
    rerun (0.13.0)
      listen (~> 3.0)
    rexml (3.2.4)
    roda (3.30.0)
      rack
    rspec (3.9.0)
      rspec-core (~> 3.9.0)
      rspec-expectations (~> 3.9.0)
      rspec-mocks (~> 3.9.0)
    rspec-core (3.9.1)
      rspec-support (~> 3.9.1)
    rspec-expectations (3.9.1)
      diff-lcs (>= 1.2.0, < 2.0)
      rspec-support (~> 3.9.0)
    rspec-its (1.2.0)
      rspec-core (>= 3.0.0)
      rspec-expectations (>= 3.0.0)
    rspec-mocks (3.9.1)
      diff-lcs (>= 1.2.0, < 2.0)
      rspec-support (~> 3.9.0)
    rspec-roda (0.2.2)
      dry-inflector
      rack-test (~> 1.0)
      roda
      rspec (~> 3.7)
      rspec-its (~> 1.2.0)
    rspec-support (3.9.2)
    rubocop (0.80.1)
      jaro_winkler (~> 1.5.1)
      parallel (~> 1.10)
      parser (>= 2.7.0.1)
      rainbow (>= 2.2.2, < 4.0)
      rexml
      ruby-progressbar (~> 1.7)
      unicode-display_width (>= 1.4.0, < 1.7)
    ruby-progressbar (1.10.1)
    samovar (2.1.4)
      console (~> 1.0)
      mapping (~> 1.0)
    shellany (0.0.1)
    simplecov (0.18.5)
      docile (~> 1.1)
      simplecov-html (~> 0.11)
    simplecov-html (0.12.2)
    simplecov-json (0.2.1)
      json
      simplecov
    simplecov-rcov (0.2.3)
      simplecov (>= 0.4.1)
    thor (1.0.1)
    timers (4.3.0)
    unicode-display_width (1.6.1)

PLATFORMS
  ruby

DEPENDENCIES
  async-rest
  awesome_print
  dry-struct (~> 1.2, < 2.0)
  dry-types (~> 1.0, < 2.0)
  faker
  falcon
  guard
  guard-bundler
  guard-rspec
  guard-rubocop
  ice_nine
  rake (>= 12.3.3, < 13)
  rerun
  roda
  rspec (~> 3.4, < 4.0)
  rspec-core (>= 3.9.0, < 4.0)
  rspec-expectations (>= 3.9.0, < 4.0)
  rspec-its (>= 1.2, < 2.0)
  rspec-mocks (>= 3.9.0, < 4.0)
  rspec-roda
  rubocop
  simplecov (>= 0.18.0.beta3, < 1.0)
  simplecov-json
  simplecov-rcov

BUNDLED WITH
   2.1.4
